GEM
  remote: https://rubygems.org/
  specs:
    activesupport (6.1.3)
      concurrent-ruby (~> 1.0, >= 1.0.2)
      i18n (>= 1.6, < 2)
      minitest (>= 5.1)
      tzinfo (~> 2.0)
      zeitwerk (~> 2.3)
    appmap (0.41.1)
      activesupport
      faraday
      gli
      method_source
      parser
      rack
    ast (2.4.2)
    concurrent-ruby (1.1.8)
    faraday (1.3.0)
      faraday-net_http (~> 1.0)
      multipart-post (>= 1.2, < 3)
      ruby2_keywords
    faraday-net_http (1.0.1)
    gli (2.20.0)
    i18n (1.8.9)
      concurrent-ruby (~> 1.0)
    method_source (1.0.0)
    minitest (5.14.4)
    multipart-post (2.1.1)
    parser (3.0.0.0)
      ast (~> 2.4.1)
    rack (2.2.3)
    ruby2_keywords (0.0.4)
    tzinfo (2.0.4)
      concurrent-ruby (~> 1.0)
    zeitwerk (2.4.2)

PLATFORMS
  ruby

DEPENDENCIES
  appmap
  minitest

RUBY VERSION
   ruby 2.7.2p137

BUNDLED WITH
   2.1.4
